GEM
  remote: http://rubygems.org/
  specs:
    activemodel (3.2.8)
      activesupport (= 3.2.8)
      builder (~> 3.0.0)
    activerecord (3.2.8)
      activemodel (= 3.2.8)
      activesupport (= 3.2.8)
      arel (~> 3.0.2)
      tzinfo (~> 0.3.29)
    activesupport (3.2.8)
      i18n (~> 0.6)
      multi_json (~> 1.0)
    arel (3.0.2)
    builder (3.0.0)
    carrierwave (0.5.8)
      activesupport (~> 3.0)
    celluloid (0.11.1)
      timers (>= 1.0.0)
    connection_pool (0.9.2)
    haml (3.1.7)
    i18n (0.6.0)
    kgio (2.7.4)
    multi_json (1.3.6)
    pg (0.14.0)
    rack (1.4.1)
    rack-flash (0.1.2)
      rack
    rack-flash3 (1.0.1)
      rack
      rack
    rack-protection (1.2.0)
      rack
    raindrops (0.8.1)
    rake (0.9.2.2)
    redis (3.0.1)
    redis-namespace (1.2.1)
      redis (~> 3.0.0)
    shotgun (0.9)
      rack (>= 1.0)
    sidekiq (2.2.0)
      celluloid (~> 0.11.1)
      connection_pool (~> 0.9.2)
      multi_json (~> 1)
      redis (~> 3)
      redis-namespace
    sinatra (1.3.2)
      rack (~> 1.3, >= 1.3.6)
      rack-protection (~> 1.2)
      tilt (~> 1.3, >= 1.3.3)
    streamio-ffmpeg (0.9.0)
    tilt (1.3.3)
    timers (1.0.1)
    tzinfo (0.3.33)
    unicorn (4.3.1)
      kgio (~> 2.6)
      rack
      raindrops (~> 0.7)

PLATFORMS
  ruby

DEPENDENCIES
  activerecord
  carrierwave
  haml
  pg
  rack-flash
  rack-flash3
  rake
  shotgun
  sidekiq
  sinatra
  streamio-ffmpeg
  unicorn
